GEM
  remote: https://rubygems.org/
  specs:
    mime-types (1.19)
    multi_json (1.4.0)
    rest-client (1.6.7)
      mime-types (>= 1.16)
    stripe (1.7.8)
      multi_json (>= 1.0.4, < 2)
      rest-client (~> 1.4)

PLATFORMS
  ruby

DEPENDENCIES
  stripe
